GEM
  remote: https://rubygems.org/
  specs:
    faraday (0.9.0)
      multipart-post (>= 1.2, < 3)
    highline (1.6.21)
    librarian (0.1.2)
      highline
      thor (~> 0.15)
    librarian-ansible (1.0.5)
      faraday
      librarian (~> 0.1.0)
    multipart-post (2.0.0)
    thor (0.19.1)

PLATFORMS
  ruby

DEPENDENCIES
  librarian-ansible (>= 1.0.5)
